GEM
  remote: https://rubygems.org/
  specs:
    codeclimate-test-reporter (1.0.7)
      simplecov
    coderay (1.1.1)
    docile (1.1.5)
    harvesterreporter (0.0.1)
    headless (2.3.1)
    json (2.0.3)
    method_source (0.8.2)
    mini_portile2 (2.1.0)
    nokogiri (1.7.0.1)
      mini_portile2 (~> 2.1.0)
    pry (0.10.4)
      coderay (~> 1.1.0)
      method_source (~> 0.8.1)
      slop (~> 3.4)
    rake (12.0.0)
    requestmanager (0.0.6)
    simplecov (0.13.0)
      docile (~> 1.1.0)
      json (>= 1.8, < 3)
      simplecov-html (~> 0.10.0)
    simplecov-html (0.10.0)
    slop (3.6.0)

PLATFORMS
  ruby

DEPENDENCIES
  codeclimate-test-reporter (~> 1.0.0)
  harvesterreporter
  headless
  nokogiri
  pry
  rake
  requestmanager
  simplecov

BUNDLED WITH
   1.10.6
